RESTRICTION: == netstandard2.0
NUGET
  remote: https://www.nuget.org/api/v2
    dotnet-fable (2.0.3) - clitool: true
    Fable.Core (2.0)
      FSharp.Core (>= 4.5.2)
    Fable.Import.Browser (1.3)
      Fable.Core (>= 1.3.17)
    Fable.Import.Node (0.1.2)
      Fable.Core (>= 1.0.8)
      FSharp.Core (>= 4.2.1)
    Fable.PowerPack (2.0.1)
      Fable.Core (>= 2.0)
      Fable.Import.Browser (>= 1.3)
      FSharp.Core (>= 4.5.2)
      Thoth.Json (>= 2.0)
    Fable.React (4.0.1)
      Fable.Core (>= 2.0)
      Fable.Import.Browser (>= 1.3)
      FSharp.Core (>= 4.5.2)
    FSharp.Core (4.5.2)
    Fulma (1.0)
      Fable.Core (>= 2.0)
      Fable.React (>= 4.0.1)
    Thoth.Json (2.1)
      Fable.Core (>= 2.0)
      FSharp.Core (>= 4.5.2)
