NUGET
  remote: https://api.nuget.org/v3/index.json
    Fable.Core (3.1.4)
      FSharp.Core (>= 4.7) - restriction: >= netstandard2.0
    Fable.Import.Browser (1.3)
      Fable.Core (>= 1.3.17) - restriction: >= netstandard1.6
    FSharp.Core (4.7) - restriction: >= netstandard2.0
